GEM
  remote: https://rubygems.org/
  specs:
    coderay (1.1.2)
    faraday (0.13.1)
      multipart-post (>= 1.2, < 3)
    method_source (0.9.0)
    multipart-post (2.0.0)
    pry (0.11.3)
      coderay (~> 1.1.0)
      method_source (~> 0.9.0)
    thor (0.20.0)

PLATFORMS
  ruby

DEPENDENCIES
  faraday
  pry
  thor

BUNDLED WITH
   1.16.1
